GIT
  remote: git://github.com/socialpandas/ajax-datatables-rails.git
  revision: 6b2d4b0bf1331115fc7011734840a436a1009024
  specs:
    ajax-datatables-rails (0.0.1)

PATH
  remote: .
  specs:
    sidekiq_monitor (0.0.3)
      ajax-datatables-rails
      sidekiq (>= 2.2.1)
      slim

GEM
  remote: https://rubygems.org/
  specs:
    celluloid (0.14.1)
      timers (>= 1.0.0)
    connection_pool (1.0.0)
    json (1.8.0)
    redis (3.0.4)
    redis-namespace (1.3.0)
      redis (~> 3.0.0)
    sidekiq (2.12.1)
      celluloid (>= 0.14.1)
      connection_pool (>= 1.0.0)
      json
      redis (>= 3.0)
      redis-namespace
    slim (2.0.0)
      temple (~> 0.6.5)
      tilt (~> 1.3, >= 1.3.3)
    temple (0.6.5)
    tilt (1.4.1)
    timers (1.1.0)

PLATFORMS
  ruby

DEPENDENCIES
  ajax-datatables-rails!
  sidekiq_monitor!
